RESTRICTION: == net461
NUGET
  remote: https://api.nuget.org/v3/index.json
    CommonServiceLocator (1.3)
    FSharp.Core (4.2.3)
    IntelliFactory.Xml (0.6.64.1)
    Microsoft.Owin (3.0)
      Owin (>= 1.0)
    Microsoft.Owin.Diagnostics (3.0)
      Microsoft.Owin (>= 3.0)
      Owin (>= 1.0)
    Microsoft.Owin.FileSystems (3.0)
    Microsoft.Owin.Host.HttpListener (3.0)
    Microsoft.Owin.Host.SystemWeb (3.0)
      Microsoft.Owin (>= 3.0)
      Owin (>= 1.0)
    Microsoft.Owin.Hosting (3.0)
      Microsoft.Owin (>= 3.0)
      Owin (>= 1.0)
    Microsoft.Owin.StaticFiles (3.0)
      Microsoft.Owin (>= 3.0)
      Microsoft.Owin.FileSystems (>= 3.0)
      Owin (>= 1.0)
    Owin (1.0)
  remote: https://daily.websharper.com/nuget
    WebSharper (4.5.5.319)
    WebSharper.FSharp (4.5.5.319)
      WebSharper (4.5.5.319)
    WebSharper.Html (4.5.1.150)
      IntelliFactory.Xml (>= 0.6.64 < 0.7)
      WebSharper (>= 4.5.5 < 4.6)
    WebSharper.Owin (4.5.1.142)
      Microsoft.Owin (>= 3.0)
      Owin (>= 1.0 < 1.1)
      WebSharper (>= 4.5.5 < 4.6)

GROUP build
RESTRICTION: == net45
NUGET
  remote: https://api.nuget.org/v3/index.json
    Chessie (0.6)
      FSharp.Core
    FAKE (5.8.4)
    FSharp.Compiler.Tools (10.2.1)
    FSharp.Core (4.5.2)
    Mono.Cecil (0.10.1)
    Newtonsoft.Json (11.0.2)
    Paket.Core (5.141)
      Chessie (>= 0.6)
      FSharp.Compiler.Tools
      FSharp.Core
      Mono.Cecil (>= 0.10.0-beta6)
      Newtonsoft.Json

GROUP wsbuild

GIT
  remote: https://github.com/dotnet-websharper/build-script
     (b55fa7868cffa5dd74ac8bc13b053567f7991add)