RESTRICTION: == net461
NUGET
  remote: https://api.nuget.org/v3/index.json
    CommonServiceLocator (1.3)
    FSharp.Core (4.2.3)
    Microsoft.Owin (3.0)
      Owin (>= 1.0)
    Microsoft.Owin.Diagnostics (3.0)
      Microsoft.Owin (>= 3.0)
      Owin (>= 1.0)
    Microsoft.Owin.FileSystems (3.0)
    Microsoft.Owin.Host.HttpListener (3.0)
    Microsoft.Owin.Host.SystemWeb (3.0)
      Microsoft.Owin (>= 3.0)
      Owin (>= 1.0)
    Microsoft.Owin.Hosting (3.0)
      Microsoft.Owin (>= 3.0)
      Owin (>= 1.0)
    Microsoft.Owin.StaticFiles (3.0)
      Microsoft.Owin (>= 3.0)
      Microsoft.Owin.FileSystems (>= 3.0)
      Owin (>= 1.0)
    Owin (1.0)
    System.Reflection.Emit.Lightweight (4.7)
  remote: https://daily.websharper.com/nuget
    WebSharper (4.7.2.445)
      FSharp.Core (>= 4.2.3)
      System.Reflection.Emit.Lightweight (>= 4.3)
    WebSharper.FSharp (4.7.2.445)
      WebSharper (4.7.2.445)
    WebSharper.Html (4.7.1.201)
      WebSharper (>= 4.7.2 < 4.8)
    WebSharper.Owin (4.7.2.219)
      Microsoft.Owin (>= 3.0)
      Owin (>= 1.0 < 2.0)
      WebSharper (>= 4.7.2 < 4.8)

GROUP wsbuild

GIT
  remote: https://github.com/dotnet-websharper/build-script
     (7155f2cb840374092cbe8eb2c8f1399c5c97f4af)